GEM
  remote: https://rubygems.org/
  specs:
    cf-uaa-lib (1.3.8)
      multi_json
    cfoundry (0.5.1.rc5)
      cf-uaa-lib (~> 1.3.3)
      multi_json (~> 1.3)
      multipart-post (~> 1.1)
      rubyzip (~> 0.9)
    diff-lcs (1.2.1)
    multi_json (1.6.1)
    multipart-post (1.2.0)
    rake (10.0.3)
    rspec (2.13.0)
      rspec-core (~> 2.13.0)
      rspec-expectations (~> 2.13.0)
      rspec-mocks (~> 2.13.0)
    rspec-core (2.13.0)
    rspec-expectations (2.13.0)
      diff-lcs (>= 1.1.3, < 2.0)
    rspec-mocks (2.13.0)
    rubyzip (0.9.9)

PLATFORMS
  ruby

DEPENDENCIES
  cfoundry
  rake
  rspec (~> 2.13)
