GEM
  remote: https://rubygems.org/
  specs:
    activemodel (3.2.14)
      activesupport (= 3.2.14)
      builder (~> 3.0.0)
    activesupport (3.2.14)
      i18n (~> 0.6, >= 0.6.4)
      multi_json (~> 1.0)
    blue-shell (0.2.1)
      rspec
    builder (3.0.4)
    cf-uaa-lib (1.3.10)
      multi_json
    cfoundry (4.0.4.rc2)
      activemodel (~> 3.2.13)
      cf-uaa-lib (~> 1.3.10)
      multi_json (~> 1.7)
      multipart-post (~> 1.1)
      rubyzip (~> 0.9)
    ci_reporter (1.9.0)
      builder (>= 2.1.2)
    diff-lcs (1.2.1)
    dogapi (1.6.0)
      json (>= 1.5.1)
    httparty (0.11.0)
      multi_json (~> 1.0)
      multi_xml (>= 0.5.2)
    i18n (0.6.4)
    json (1.7.7)
    multi_json (1.7.8)
    multi_xml (0.5.4)
    multipart-post (1.2.0)
    rake (10.0.3)
    rspec (2.13.0)
      rspec-core (~> 2.13.0)
      rspec-expectations (~> 2.13.0)
      rspec-mocks (~> 2.13.0)
    rspec-core (2.13.0)
    rspec-expectations (2.13.0)
      diff-lcs (>= 1.1.3, < 2.0)
    rspec-mocks (2.13.0)
    rubyzip (0.9.9)

PLATFORMS
  ruby

DEPENDENCIES
  blue-shell
  cf-uaa-lib
  cfoundry (~> 4.0.4.rc2)
  ci_reporter
  dogapi
  httparty
  rake
  rspec (~> 2.13)
