GEM
  remote: https://rubygems.org/
  specs:
    activemodel (3.2.13)
      activesupport (= 3.2.13)
      builder (~> 3.0.0)
    activesupport (3.2.13)
      i18n (= 0.6.1)
      multi_json (~> 1.0)
    addressable (2.3.5)
    blue-shell (0.2.1)
      rspec
    builder (3.0.4)
    caldecott-client (0.0.2)
      multi_json (~> 1.3)
    cf (4.1.3)
      addressable (~> 2.2)
      caldecott-client (~> 0.0.2)
      cfoundry (>= 2.3.5, < 3.0)
      interact (~> 0.5)
      json_pure (~> 1.6)
      mothership (>= 0.5.1, < 1.0)
      multi_json (~> 1.3)
      rest-client (~> 1.6)
      uuidtools (~> 2.1)
    cf-uaa-lib (1.3.10)
      multi_json
    cfoundry (2.3.5)
      activemodel (~> 3.2.13)
      cf-uaa-lib (~> 1.3.10)
      multi_json (~> 1.7)
      multipart-post (~> 1.1)
      rubyzip (~> 0.9)
    ci_reporter (1.9.0)
      builder (>= 2.1.2)
    diff-lcs (1.2.1)
    dogapi (1.6.0)
      json (>= 1.5.1)
    httparty (0.11.0)
      multi_json (~> 1.0)
      multi_xml (>= 0.5.2)
    i18n (0.6.1)
    interact (0.5.2)
    json (1.7.7)
    json_pure (1.8.0)
    mime-types (1.23)
    mothership (0.5.1)
    multi_json (1.7.6)
    multi_json (1.7.7)
    multi_xml (0.5.4)
    multipart-post (1.2.0)
    rake (10.0.3)
    rest-client (1.6.7)
      mime-types (>= 1.16)
    rspec (2.13.0)
      rspec-core (~> 2.13.0)
      rspec-expectations (~> 2.13.0)
      rspec-mocks (~> 2.13.0)
    rspec-core (2.13.0)
    rspec-expectations (2.13.0)
      diff-lcs (>= 1.1.3, < 2.0)
    rspec-mocks (2.13.0)
    rubyzip (0.9.9)
    uuidtools (2.1.4)

PLATFORMS
  ruby

DEPENDENCIES
  blue-shell
  cf (~> 4.1)
  cf-uaa-lib
  cfoundry
  ci_reporter
  dogapi
  httparty
  rake
  rspec (~> 2.13)
