GEM
  remote: https://rubygems.org/
  specs:
    activemodel (3.2.13)
      activesupport (= 3.2.13)
      builder (~> 3.0.0)
    activesupport (3.2.13)
      i18n (= 0.6.1)
      multi_json (~> 1.0)
    builder (3.0.4)
    cf-uaa-lib (1.3.10)
      multi_json
    cfoundry (1.2.0)
      activemodel (~> 3.2.13)
      cf-uaa-lib (~> 1.3.10)
      multi_json (~> 1.7)
      multipart-post (~> 1.1)
      rubyzip (~> 0.9)
    diff-lcs (1.2.1)
    dogapi (1.6.0)
      json (>= 1.5.1)
    httparty (0.10.2)
      multi_json (~> 1.0)
      multi_xml (>= 0.5.2)
    i18n (0.6.1)
    json (1.7.7)
    multi_json (1.7.3)
    multi_xml (0.5.3)
    multipart-post (1.2.0)
    rake (10.0.3)
    rspec (2.13.0)
      rspec-core (~> 2.13.0)
      rspec-expectations (~> 2.13.0)
      rspec-mocks (~> 2.13.0)
    rspec-core (2.13.0)
    rspec-expectations (2.13.0)
      diff-lcs (>= 1.1.3, < 2.0)
    rspec-mocks (2.13.0)
    rubyzip (0.9.9)

PLATFORMS
  ruby

DEPENDENCIES
  cf-uaa-lib
  cfoundry
  dogapi
  httparty
  rake
  rspec (~> 2.13)
