GEM
  remote: http://rubygems.org/
  specs:
    carrot (0.8.1)
    mysql2 (0.3.11)
    pg (0.11.0)
    rack (1.5.2)
    rack-protection (1.5.0)
      rack
    redis (2.2.0)
    sinatra (1.4.3)
      rack (~> 1.4)
      rack-protection (~> 1.4)
      tilt (~> 1.3, >= 1.3.4)
    tilt (1.4.1)

PLATFORMS
  ruby

DEPENDENCIES
  carrot
  mysql2
  pg
  redis
  sinatra
