GEM
  remote: http://rubygems.org/
  specs:
    bson (1.2.4)
    carrot (0.8.1)
    mail (2.5.4)
      mime-types (~> 1.16)
      treetop (~> 1.4.8)
    mime-types (1.23)
    mongo (1.2.4)
      bson (>= 1.2.4)
    mysql2 (0.3.11)
    pg (0.11.0)
    polyglot (0.3.3)
    rack (1.5.2)
    rack-protection (1.5.0)
      rack
    redis (2.2.0)
    sinatra (1.4.3)
      rack (~> 1.4)
      rack-protection (~> 1.4)
      tilt (~> 1.3, >= 1.3.4)
    tilt (1.4.1)
    treetop (1.4.12)
      polyglot
      polyglot (>= 0.3.1)

PLATFORMS
  ruby

DEPENDENCIES
  carrot
  mail
  mongo
  mysql2
  pg
  redis
  sinatra
